GIT
  remote: https://github.com/gradual-systems/packwerk.git
  revision: e926c28c247fc5bedecdc15b2256e24a53dbcdd8
  ref: e926c28c247f
  specs:
    packwerk (3.0.1)
      activesupport (>= 6.0)
      ast
      better_html
      bundler
      constant_resolver (>= 0.2.0)
      parallel
      parser
      sorbet-runtime (>= 0.5.9914)
      zeitwerk (>= 2.6.1)

GEM
  remote: https://rubygems.org/
  specs:
    actionpack (7.0.4.3)
      actionview (= 7.0.4.3)
      activesupport (= 7.0.4.3)
      rack (~> 2.0, >= 2.2.0)
      rack-test (>= 0.6.3)
      rails-dom-testing (~> 2.0)
      rails-html-sanitizer (~> 1.0, >= 1.2.0)
    actionview (7.0.4.3)
      activesupport (= 7.0.4.3)
      builder (~> 3.1)
      erubi (~> 1.4)
      rails-dom-testing (~> 2.0)
      rails-html-sanitizer (~> 1.1, >= 1.2.0)
    activesupport (7.0.4.3)
      concurrent-ruby (~> 1.0, >= 1.0.2)
      i18n (>= 1.6, < 2)
      minitest (>= 5.1)
      tzinfo (~> 2.0)
    ast (2.4.2)
    better_html (2.0.1)
      actionview (>= 6.0)
      activesupport (>= 6.0)
      ast (~> 2.0)
      erubi (~> 1.4)
      parser (>= 2.4)
      smart_properties
    builder (3.2.4)
    code_ownership (1.32.16)
      code_teams (~> 1.0)
      packs
      sorbet-runtime
    code_teams (1.0.1)
      sorbet-runtime
    colorize (0.8.1)
    concurrent-ruby (1.2.2)
    constant_resolver (0.2.0)
    crass (1.0.6)
    erubi (1.12.0)
    i18n (1.12.0)
      concurrent-ruby (~> 1.0)
    json (2.6.3)
    loofah (2.20.0)
      crass (~> 1.0.2)
      nokogiri (>= 1.5.9)
    method_source (1.0.0)
    mini_portile2 (2.8.1)
    minitest (5.18.0)
    nokogiri (1.14.3)
      mini_portile2 (~> 2.8.0)
      racc (~> 1.4)
    packs (0.0.6)
      sorbet-runtime
    packs-rails (0.0.3)
      activesupport
      packs
      railties
    parallel (1.23.0)
    parse_packwerk (0.19.0)
      sorbet-runtime
    parser (3.2.2.1)
      ast (~> 2.4.1)
    pastel (0.8.0)
      tty-color (~> 0.5)
    racc (1.6.2)
    rack (2.2.7)
    rack-test (2.1.0)
      rack (>= 1.3)
    rails-dom-testing (2.0.3)
      activesupport (>= 4.2.0)
      nokogiri (>= 1.6)
    rails-html-sanitizer (1.5.0)
      loofah (~> 2.19, >= 2.19.1)
    railties (7.0.4.3)
      actionpack (= 7.0.4.3)
      activesupport (= 7.0.4.3)
      method_source
      rake (>= 12.2)
      thor (~> 1.0)
      zeitwerk (~> 2.5)
    rainbow (3.1.1)
    rake (13.0.6)
    regexp_parser (2.8.0)
    rexml (3.2.5)
    rubocop (1.50.2)
      json (~> 2.3)
      parallel (~> 1.10)
      parser (>= 3.2.0.0)
      rainbow (>= 2.2.2, < 4.0)
      regexp_parser (>= 1.8, < 3.0)
      rexml (>= 3.2.5, < 4.0)
      rubocop-ast (>= 1.28.0, < 2.0)
      ruby-progressbar (~> 1.7)
      unicode-display_width (>= 2.4.0, < 3.0)
    rubocop-ast (1.28.0)
      parser (>= 3.2.1.0)
    rubocop-capybara (2.18.0)
      rubocop (~> 1.41)
    rubocop-packs (0.0.38)
      activesupport
      packs
      parse_packwerk
      rubocop
      rubocop-sorbet
      sorbet-runtime
    rubocop-performance (1.17.1)
      rubocop (>= 1.7.0, < 2.0)
      rubocop-ast (>= 0.4.0)
    rubocop-rails (2.19.1)
      activesupport (>= 4.2.0)
      rack (>= 1.1)
      rubocop (>= 1.33.0, < 2.0)
    rubocop-rspec (2.20.0)
      rubocop (~> 1.33)
      rubocop-capybara (~> 2.17)
    rubocop-sorbet (0.7.0)
      rubocop (>= 0.90.0)
    ruby-graphviz (1.2.5)
      rexml
    ruby-progressbar (1.13.0)
    smart_properties (1.17.0)
    sorbet-runtime (0.5.10794)
    thor (1.2.1)
    tty-color (0.6.0)
    tty-cursor (0.7.1)
    tty-prompt (0.23.1)
      pastel (~> 0.8)
      tty-reader (~> 0.8)
    tty-reader (0.9.0)
      tty-cursor (~> 0.7)
      tty-screen (~> 0.8)
      wisper (~> 2.0)
    tty-screen (0.8.1)
    tzinfo (2.0.6)
      concurrent-ruby (~> 1.0)
    unicode-display_width (2.4.2)
    use_packs (0.0.18)
      code_ownership
      colorize
      packs
      packwerk
      parse_packwerk
      rubocop-packs
      sorbet-runtime
      thor
      tty-prompt
      visualize_packwerk
    visualize_packwerk (0.1.3)
      code_ownership
      packs
      parse_packwerk
      rake
      ruby-graphviz
      sorbet-runtime
    wisper (2.0.1)
    zeitwerk (2.6.7)

PLATFORMS
  ruby

DEPENDENCIES
  packs-rails
  packwerk!
  rubocop
  rubocop-capybara
  rubocop-performance
  rubocop-rails
  rubocop-rspec
  use_packs
  visualize_packwerk

RUBY VERSION
   ruby 3.2.2p53

BUNDLED WITH
   2.4.10
